GIT
  remote: git://github.com/delano/otto.git
  revision: d10ff294df4e3eadf8d0280910469056b311adcf
  branch: master
  specs:
    otto (0.2.0.001)
      addressable (= 2.2.4)
      rack (>= 1.2.1)

GEM
  remote: http://production.s3.rubygems.org.s3.amazonaws.com/
  specs:
    addressable (2.2.4)
    attic (0.5.3)
    familia (0.7.1)
      gibbler (>= 0.8.6)
      multi_json (>= 0.0.5)
      redis (>= 2.1.0)
      storable (>= 0.8.6)
      uri-redis (>= 0.4.2)
    gibbler (0.8.9)
      attic (>= 0.4.0)
    multi_json (0.0.5)
    mustache (0.99.3)
    rack (1.2.1)
    redis (2.2.0)
    storable (0.8.9)
    uri-redis (0.4.2)

PLATFORMS
  ruby

DEPENDENCIES
  addressable
  familia (= 0.7.1)
  gibbler (= 0.8.9)
  mustache (= 0.99.3)
  otto (= 0.2.0.001)!
  rack
  storable
