GEM
  remote: https://rubygems.org/
  specs:
    addressable (2.8.6)
      public_suffix (>= 2.0.2, < 6.0)
    attic (1.0.0)
      rake (~> 13.0.6)
    bcrypt (3.1.20)
    byebug (11.1.3)
    byebug-dap (0.1.4)
      byebug (~> 11.1)
      ruby-dap (~> 0.1.2)
    coderay (1.1.3)
    daemons (1.4.1)
    date (3.3.4)
    drydock (0.6.9)
    encryptor (1.1.3)
    eventmachine (1.2.7)
    familia (0.9.3)
      gibbler (~> 1.0.0)
      multi_json (~> 1.15)
      redis (>= 4.8, < 7)
      storable (~> 0.10.0)
      uri-redis (>= 1.0.0)
    gibbler (1.0.0)
      attic (~> 1.0)
      rake (~> 13.0)
    httparty (0.21.0)
      mini_mime (>= 1.0.0)
      multi_xml (>= 0.5.2)
    mail (2.8.1)
      mini_mime (>= 0.1.1)
      net-imap
      net-pop
      net-smtp
    method_source (1.0.0)
    mini_mime (1.1.5)
    multi_json (1.15.0)
    multi_xml (0.6.0)
    mustache (1.1.1)
    net-imap (0.3.7)
      date
      net-protocol
    net-pop (0.1.2)
      net-protocol
    net-protocol (0.2.2)
      timeout
    net-smtp (0.5.0)
      net-protocol
    otto (1.0.1)
      addressable (>= 2.2.6)
      rack (>= 1.2.1)
    pry (0.14.2)
      coderay (~> 1.1)
      method_source (~> 1.0)
    pry-byebug (3.8.0)
      byebug (~> 11.0)
      pry (~> 0.10)
    public_suffix (5.0.5)
    rack (2.2.9)
    rainbow (3.1.1)
    rake (13.0.6)
    redis (4.8.1)
    rubocop (0.7.2)
      rainbow (>= 1.1.4)
    ruby-dap (0.1.3)
    ruby_http_client (3.5.5)
    sendgrid-ruby (6.7.0)
      ruby_http_client (~> 3.4)
    storable (0.10.0)
    sysinfo (0.10.0)
      drydock (< 1.0)
      storable (~> 0.10)
    thin (1.8.2)
      daemons (~> 1.0, >= 1.0.9)
      eventmachine (~> 1.0, >= 1.0.4)
      rack (>= 1, < 3)
    timeout (0.4.1)
    tryouts (2.2.0)
      sysinfo (~> 0.10)
    uri-redis (1.1.1)
      redis (~> 4.1, >= 4.1.0)
    yajl-ruby (1.4.3)

PLATFORMS
  arm64-darwin-22
  arm64-darwin-23

DEPENDENCIES
  addressable
  bcrypt
  byebug
  byebug-dap
  drydock
  encryptor (= 1.1.3)
  familia (~> 0.9)
  gibbler
  httparty
  mail
  mustache
  otto (~> 1.0, >= 1.0)
  pry
  pry-byebug
  rack
  redis (~> 4.8)
  rubocop
  sendgrid-ruby
  storable
  sysinfo
  thin
  tryouts
  uri-redis (~> 1.1)
  yajl-ruby

RUBY VERSION
   ruby 3.2.0p0

BUNDLED WITH
   2.4.12
