GIT
  remote: git://github.com/delano/otto.git
  revision: 3187dd6cd22fa21c3f6025ebe28f8471c21de153
  branch: master
  specs:
    otto (0.2.1.002)
      addressable (= 2.2.4)
      rack (>= 1.2.1)

GEM
  remote: https://rubygems.org/
  specs:
    addressable (2.2.4)
    attic (0.5.3)
    bcrypt-ruby (3.0.0)
    daemons (1.1.4)
    encryptor (1.1.3)
    eventmachine (0.12.10)
    familia (0.7.1)
      gibbler (>= 0.8.6)
      multi_json (>= 0.0.5)
      redis (>= 2.1.0)
      storable (>= 0.8.6)
      uri-redis (>= 0.4.2)
    gibbler (0.8.9)
      attic (>= 0.4.0)
    multi_json (0.0.5)
    mustache (0.99.3)
    rack (1.2.1)
    redis (2.2.0)
    storable (0.8.9)
    thin (1.2.11)
      daemons (>= 1.0.9)
      eventmachine (>= 0.12.6)
      rack (>= 1.0.0)
    uri-redis (0.4.2)
    yajl-ruby (1.0.0)

PLATFORMS
  ruby

DEPENDENCIES
  addressable (= 2.2.4)
  bcrypt-ruby (= 3.0.0)
  encryptor (= 1.1.3)
  familia (= 0.7.1)
  gibbler (= 0.8.9)
  mustache (= 0.99.3)
  otto (= 0.2.1.002)!
  rack (= 1.2.1)
  storable (= 0.8.9)
  thin (= 1.2.11)
  yajl-ruby (= 1.0.0)
