GEM
  remote: https://rubygems.org/
  specs:
    addressable (2.2.6)
    annoy (0.5.6)
      highline (>= 1.5.0)
    ast (2.4.2)
    attic (0.5.3)
    bcrypt (3.1.17)
    byebug (11.1.0)
    byebug-dap (0.1.4)
      byebug (~> 11.1)
      ruby-dap (~> 0.1.2)
    daemons (1.4.1)
    drydock (0.6.9)
    encryptor (1.1.3)
    eventmachine (1.2.7)
    familia (0.7.1)
      gibbler (>= 0.8.6)
      multi_json (>= 0.0.5)
      redis (>= 2.1.0)
      storable (>= 0.8.6)
      uri-redis (>= 0.4.2)
    gibbler (0.9.0)
    highline (2.1.0)
    httparty (0.21.0)
      mini_mime (>= 1.0.0)
      multi_xml (>= 0.5.2)
    json (2.7.1)
    mail (2.5.5)
      mime-types (~> 1.16)
      treetop (~> 1.4.8)
    mime-types (1.25.1)
    mini_mime (1.1.5)
    multi_json (1.15.0)
    multi_xml (0.6.0)
    mustache (0.99.3)
    otto (0.4.1)
      addressable (>= 2.2.6)
      rack (>= 1.2.1)
    parallel (1.24.0)
    parser (3.3.0.5)
      ast (~> 2.4.1)
      racc
    polyglot (0.3.5)
    racc (1.7.3)
    rack (2.2.8.1)
    rainbow (3.1.1)
    redis (2.2.2)
    redis-dump (0.3.2)
      drydock (>= 0.6.9)
      redis (>= 2.0)
      uri-redis (>= 0.4.0)
      yajl-ruby (>= 0.1)
    regexp_parser (2.9.0)
    rexml (3.2.6)
    rubocop (1.50.2)
      json (~> 2.3)
      parallel (~> 1.10)
      parser (>= 3.2.0.0)
      rainbow (>= 2.2.2, < 4.0)
      regexp_parser (>= 1.8, < 3.0)
      rexml (>= 3.2.5, < 4.0)
      rubocop-ast (>= 1.28.0, < 2.0)
      ruby-progressbar (~> 1.7)
      unicode-display_width (>= 2.4.0, < 3.0)
    rubocop-ast (1.30.0)
      parser (>= 3.2.1.0)
    ruby-dap (0.1.3)
    ruby-progressbar (1.13.0)
    ruby_http_client (3.5.5)
    sendgrid-ruby (6.6.2)
      ruby_http_client (~> 3.4)
    storable (0.8.9)
    sysinfo (0.8.1)
      drydock
      storable
    thin (1.8.1)
      daemons (~> 1.0, >= 1.0.9)
      eventmachine (~> 1.0, >= 1.0.4)
      rack (>= 1, < 3)
    treetop (1.4.15)
      polyglot
      polyglot (>= 0.3.1)
    unicode-display_width (2.5.0)
    uri-redis (0.4.2)
    yajl-ruby (1.4.3)

PLATFORMS
  arm64-darwin-22

DEPENDENCIES
  addressable (= 2.2.6)
  annoy (= 0.5.6)
  attic!
  bcrypt (= 3.1.17)
  byebug (= 11.1)
  byebug-dap
  encryptor (= 1.1.3)
  familia (= 0.7.1)
  gibbler (= 0.9.0)
  httparty (= 0.21.0)
  mail (= 2.5.5)
  mustache (= 0.99.3)
  otto (= 0.4.1)
  rack (= 2.2.8.1)
  redis (= 2.2.2)
  redis-dump (= 0.3.2)
  rubocop
  sendgrid-ruby (= 6.6.2)
  storable (= 0.8.9)
  sysinfo (= 0.8.1)
  thin (= 1.8.1)
  yajl-ruby (= 1.4.3)

BUNDLED WITH
   2.4.12
