GEM
  remote: https://rubygems.org/
  specs:
    addressable (2.2.4)

PLATFORMS
  ruby

DEPENDENCIES
  addressable
